GEM
  remote: https://rubygems.org/
  specs:
    bigdecimal (3.2.2)
    date (3.4.1)
    erb (5.0.2)
    erubi (1.13.1)
    google-protobuf (4.31.1)
      bigdecimal
      rake (>= 13)
    google-protobuf (4.31.1-arm64-darwin)
      bigdecimal
      rake (>= 13)
    io-console (0.8.1)
    iodine (0.7.58)
    irb (1.15.2)
      pp (>= 0.6.0)
      rdoc (>= 4.0.0)
      reline (>= 0.4.2)
    mini_portile2 (2.8.9)
    pp (0.6.2)
      prettyprint
    prettyprint (0.2.0)
    psych (5.2.6)
      date
      stringio
    rack (3.2.0)
    rack-unreloader (2.1.0)
    rake (13.3.0)
    rdoc (6.14.2)
      erb
      psych (>= 4.0.0)
    reline (0.6.2)
      io-console (~> 0.5)
    roda (3.94.0)
      rack
    sass-embedded (1.89.2)
      google-protobuf (~> 4.31)
      rake (>= 13)
    sass-embedded (1.89.2-arm64-darwin)
      google-protobuf (~> 4.31)
    sequel (5.95.1)
      bigdecimal
    sqlite3 (2.7.3)
      mini_portile2 (~> 2.8.0)
    sqlite3 (2.7.3-arm64-darwin)
    stringio (3.1.7)
    tilt (2.0.11)

PLATFORMS
  arm64-darwin-23
  ruby

DEPENDENCIES
  erubi
  iodine
  irb
  rack-unreloader
  roda
  sass-embedded
  sequel
  sqlite3
  tilt

BUNDLED WITH
   2.6.2
